GEM
  remote: https://rubygems.org/
  specs:
    activesupport (6.0.3.6)
      concurrent-ruby (~> 1.0, >= 1.0.2)
      i18n (>= 0.7, < 2)
      minitest (~> 5.1)
      tzinfo (~> 1.1)
      zeitwerk (~> 2.2, >= 2.2.2)
my-first-branch
    addressable (2.7.0)
    addressable (2.8.0)
    main
      public_suffix (>= 2.0.2, < 5.0)
    coffee-script (2.4.1)
      coffee-script-source
      execjs
    coffee-script-source (1.11.1)
    colorator (1.1.0)
    commonmarker (0.17.13)
      ruby-enum (~> 0.5)
    concurrent-ruby (1.1.8)
    dnsruby (1.61.5)
      simpleidn (~> 0.1)
    em-websocket (0.5.2)
      eventmachine (>= 0.12.9)
      http_parser.rb (~> 0.6.0)
    ethon (0.13.0)
      ffi (>= 1.15.0)
    eventmachine (1.2.7)
    execjs (2.7.0)

    ffi (1.15.0)
    forwardable-extended (2.6.0)
    gemoji (3.0.1)
    github-pages (214)
      github-pages-health-check (= 1.17.0)
      jekyll (= 3.9.0)
      jekyll-avatar (= 0.7.0)
      jekyll-coffeescript (= 1.1.1)
      jekyll-commonmark-ghpages (= 0.1.6)
      jekyll-default-layout (= 0.1.4)
      jekyll-feed (= 0.15.1)
      jekyll-gist (= 1.5.0)
      jekyll-github-metadata (= 2.13.0)
      jekyll-mentions (= 1.6.0)
      jekyll-optional-front-matter (= 0.3.2)
      jekyll-paginate (= 1.1.0)
      jekyll-readme-index (= 0.3.0)
      jekyll-redirect-from (= 0.16.0)
      jekyll-relative-links (= 0.6.1)
      jekyll-remote-theme (= 0.4.3)
      jekyll-sass-converter (= 1.5.2)
      jekyll-seo-tag (= 2.7.1)
      jekyll-sitemap (= 1.4.0)
      jekyll-swiss (= 1.0.0)
      jekyll-theme-architect (= 0.1.1)
      jekyll-theme-cayman (= 0.1.1)
      jekyll-theme-dinky (= 0.1.1)
      jekyll-theme-hacker (= 0.1.2)
      jekyll-theme-leap-day (= 0.1.1)
      jekyll-theme-merlot (= 0.1.1)
      jekyll-theme-midnight (= 0.1.1)
      jekyll-theme-minimal (= 0.1.1)
      jekyll-theme-modernist (= 0.1.1)
      jekyll-theme-primer (= 0.5.4)
      jekyll-theme-slate (= 0.1.1)
      jekyll-theme-tactile (= 0.1.1)
      jekyll-theme-time-machine (= 0.1.1)
      jekyll-titles-from-headings (= 0.5.3)
      jemoji (= 0.12.0)
      kramdown (= 2.3.1)
      kramdown-parser-gfm (= 1.1.0)
      liquid (= 4.0.3)
      mercenary (~> 0.3)
      minima (= 2.5.1)
      nokogiri (>= 1.10.4, < 2.0)
      rouge (= 3.26.0)
      terminal-table (~> 1.4)
    github-pages-health-check (1.17.0)
      addressable (~> 2.3)
      dnsruby (~> 1.60)
      octokit (~> 4.0)
      public_suffix (>= 2.0.2, < 5.0)
      typhoeus (~> 1.3)
    html-pipeline (2.14.0)
      activesupport (>= 2)
      nokogiri (>= 1.4)

      nokogiri (~> 1.8, >= 1.8.4)
    octokit (4.20.0)
      faraday (>= 0.9)
      sawyer (~> 0.8.0, >= 0.5.3)
    parallel (1.20.1)
=======
    nokogiri (1.11.4)
      mini_portile2 (~> 2.5.0)
      racc (~> 1.4)
    octokit (4.20.0)
      faraday (>= 0.9
    pathutil (0.16.2)
      forwardable-extended (~> 2.6)
    public_suffix (4.0.6)
    racc (1.5.2)
    rainbow (3.0.0)
    rb-fsevent (0.10.4)
    rb-inotify (0.10.1)
      ffi (~> 1.0)
